GEM
  remote: https://rubygems.org/
  specs:
    mustache (1.1.1)
    rake (13.0.3)

PLATFORMS
  x86_64-darwin-19

DEPENDENCIES
  mustache (~> 1.0)
  rake

BUNDLED WITH
   2.2.11
