GEM
  remote: https://rubygems.org/
  specs:
    coderay (1.1.3)
    method_source (1.0.0)
    mustache (1.1.1)
    pry (0.14.0)
      coderay (~> 1.1)
      method_source (~> 1.0)

PLATFORMS
  x86_64-darwin-19

DEPENDENCIES
  mustache (~> 1.0)
  pry

BUNDLED WITH
   2.2.11
